GEM
  remote: https://rubygems.org/
  specs:
    actionmailer (4.1.5)
      actionpack (= 4.1.5)
      actionview (= 4.1.5)
      mail (~> 2.5.4)
    actionpack (4.1.5)
      actionview (= 4.1.5)
      activesupport (= 4.1.5)
      rack (~> 1.5.2)
      rack-test (~> 0.6.2)
    actionview (4.1.5)
      activesupport (= 4.1.5)
      builder (~> 3.1)
      erubis (~> 2.7.0)
    activemodel (4.1.5)
      activesupport (= 4.1.5)
      builder (~> 3.1)
    activerecord (4.1.5)
      activemodel (= 4.1.5)
      activesupport (= 4.1.5)
      arel (~> 5.0.0)
    activesupport (4.1.5)
      i18n (~> 0.6, >= 0.6.9)
      json (~> 1.7, >= 1.7.7)
      minitest (~> 5.1)
      thread_safe (~> 0.1)
      tzinfo (~> 1.1)
    arel (5.0.1.20140414130214)
    awesome_print (1.2.0)
    bcrypt (3.1.7)
    builder (3.2.2)
    chronic (0.10.2)
    coffee-rails (4.0.1)
      coffee-script (>= 2.2.0)
      railties (>= 4.0.0, < 5.0)
    coffee-script (2.3.0)
      coffee-script-source
      execjs
    coffee-script-source (1.8.0)
    crass (0.2.1)
    daemons (1.1.9)
    delayed_job (4.0.2)
      activesupport (>= 3.0, < 4.2)
    delayed_job-ssh_remote_worker (1.1.0)
      delayed_job_active_record (>= 3.0.0, < 4.2.0)
      net-ssh-gateway (~> 1.2)
    delayed_job_active_record (4.0.2)
      activerecord (>= 3.0, < 4.2)
      delayed_job (>= 3.0, < 4.1)
    dotenv (0.11.1)
      dotenv-deployment (~> 0.0.2)
    dotenv-deployment (0.0.2)
    erubis (2.7.0)
    ethon (0.7.1)
      ffi (>= 1.3.0)
    excon (0.39.5)
    execjs (2.2.1)
    faraday (0.9.0)
      multipart-post (>= 1.2, < 3)
    faraday_middleware (0.9.1)
      faraday (>= 0.7.4, < 0.10)
    fast-stemmer (1.0.2)
    ffi (1.9.3)
    fog (1.23.0)
      fog-brightbox
      fog-core (~> 1.23)
      fog-json
      fog-softlayer
      ipaddress (~> 0.5)
      nokogiri (~> 1.5, >= 1.5.11)
    fog-brightbox (0.5.0)
      fog-core (~> 1.22)
      fog-json
      inflecto
    fog-core (1.24.0)
      builder
      excon (~> 0.38)
      formatador (~> 0.2)
      mime-types
      net-scp (~> 1.1)
      net-ssh (>= 2.1.3)
    fog-json (1.0.0)
      multi_json (~> 1.0)
    fog-softlayer (0.3.16)
      fog-core
      fog-json
    foreman (0.75.0)
      dotenv (~> 0.11.1)
      thor (~> 0.19.1)
    formatador (0.2.5)
    has_scope (0.6.0.rc)
      actionpack (>= 3.2, < 5)
      activesupport (>= 3.2, < 5)
    hashie (2.0.5)
    hike (1.2.3)
    i18n (0.6.11)
    inflecto (0.0.2)
    inherited_resources (1.5.0)
      has_scope (~> 0.6.0.rc)
      responders (~> 1.0)
    instapaper (0.3.0)
      faraday_middleware (~> 0.7)
      multi_json (~> 1)
      rash (~> 0.3)
      simple_oauth (~> 0.1)
    ipaddress (0.8.0)
    jbuilder (2.1.3)
      activesupport (>= 3.0.0, < 5)
      multi_json (~> 1.2)
    jquery-rails (3.1.2)
      railties (>= 3.0, < 5.0)
      thor (>= 0.14, < 2.0)
    json (1.8.1)
    mail (2.5.4)
      mime-types (~> 1.16)
      treetop (~> 1.4.8)
    mime-types (1.25.1)
    mini_portile (0.6.0)
    minitest (5.4.1)
    multi_json (1.10.1)
    multipart-post (2.0.0)
    net-scp (1.2.1)
      net-ssh (>= 2.6.5)
    net-ssh (2.9.1)
    net-ssh-gateway (1.2.0)
      net-ssh (>= 2.6.5)
    nokogiri (1.6.3.1)
      mini_portile (= 0.6.0)
    nokogumbo (1.1.12)
      nokogiri
    pg (0.17.1)
    pismo (0.7.4)
      awesome_print
      chronic
      fast-stemmer
      nokogiri
      sanitize
    podcastinator (0.0.3)
      mime-types (~> 1.25)
      nokogiri (~> 1.6)
      taglib-ruby (~> 0.6)
    polyglot (0.3.5)
    puma (2.9.0)
      rack (>= 1.1, < 2.0)
    quiet_assets (1.0.3)
      railties (>= 3.1, < 5.0)
    rack (1.5.2)
    rack-test (0.6.2)
      rack (>= 1.0)
    rails (4.1.5)
      actionmailer (= 4.1.5)
      actionpack (= 4.1.5)
      actionview (= 4.1.5)
      activemodel (= 4.1.5)
      activerecord (= 4.1.5)
      activesupport (= 4.1.5)
      bundler (>= 1.3.0, < 2.0)
      railties (= 4.1.5)
      sprockets-rails (~> 2.0)
    railties (4.1.5)
      actionpack (= 4.1.5)
      activesupport (= 4.1.5)
      rake (>= 0.8.7)
      thor (>= 0.18.1, < 2.0)
    rake (10.3.2)
    rash (0.4.0)
      hashie (~> 2.0.0)
    responders (1.1.1)
      railties (>= 3.2, < 4.2)
    sanitize (3.0.2)
      crass (~> 0.2.0)
      nokogiri (>= 1.4.4)
      nokogumbo (= 1.1.12)
    sass (3.2.19)
    sass-rails (4.0.3)
      railties (>= 4.0.0, < 5.0)
      sass (~> 3.2.0)
      sprockets (~> 2.8, <= 2.11.0)
      sprockets-rails (~> 2.0)
    simple_form (3.0.2)
      actionpack (~> 4.0)
      activemodel (~> 4.0)
    simple_oauth (0.2.0)
    slim (2.0.3)
      temple (~> 0.6.6)
      tilt (>= 1.3.3, < 2.1)
    slim-rails (2.1.5)
      actionpack (>= 3.0, < 4.2)
      activesupport (>= 3.0, < 4.2)
      railties (>= 3.0, < 4.2)
      slim (~> 2.0)
    spring (1.1.3)
    sprockets (2.11.0)
      hike (~> 1.2)
      multi_json (~> 1.0)
      rack (~> 1.0)
      tilt (~> 1.1, != 1.3.0)
    sprockets-rails (2.1.4)
      actionpack (>= 3.0)
      activesupport (>= 3.0)
      sprockets (~> 2.8)
    sqlite3 (1.3.9)
    taglib-ruby (0.7.0)
    temple (0.6.8)
    thor (0.19.1)
    thread_safe (0.3.4)
    tilt (1.4.1)
    treetop (1.4.15)
      polyglot
      polyglot (>= 0.3.1)
    typhoeus (0.6.9)
      ethon (>= 0.7.1)
    tzinfo (1.2.2)
      thread_safe (~> 0.1)
    uglifier (2.5.3)
      execjs (>= 0.3.0)
      json (>= 1.8.0)
    whenever (0.9.2)
      activesupport (>= 2.3.4)
      chronic (>= 0.6.3)

PLATFORMS
  ruby

DEPENDENCIES
  bcrypt
  coffee-rails
  daemons
  delayed_job-ssh_remote_worker
  delayed_job_active_record
  dotenv
  ethon
  fog
  foreman
  inherited_resources
  instapaper
  jbuilder
  jquery-rails
  net-ssh
  net-ssh-gateway
  pg
  pismo
  podcastinator
  puma
  quiet_assets
  rails (= 4.1.5)
  sass-rails
  simple_form
  slim-rails
  spring
  sqlite3
  taglib-ruby
  typhoeus
  uglifier
  whenever
